GEM
  remote: https://rubygems.org/
  specs:
    rugged (1.7.2)

PLATFORMS
  x86_64-linux

DEPENDENCIES
  rugged (~> 1.7)

BUNDLED WITH
   2.5.6
