GEM
  remote: https://rubygems.org/
  specs:
    faraday (2.9.0)
      faraday-net_http (>= 2.0, < 3.2)
    faraday-net_http (3.1.0)
      net-http
    net-http (0.4.1)
      uri
    ollama-ai (1.0.1)
      faraday (~> 2.9)
    rugged (1.7.2)
    uri (0.13.0)

PLATFORMS
  ruby
  x86_64-linux

DEPENDENCIES
  ollama-ai (~> 1.0)
  rugged (~> 1.7)

BUNDLED WITH
   2.5.6
