GEM
  remote: https://rubygems.org/
  specs:
    colorize (1.1.0)
    rugged (1.7.2)
    si (0.2.0)
    terminal-table (3.0.2)
      unicode-display_width (>= 1.1.1, < 3)
    unicode-display_width (2.5.0)

PLATFORMS
  x86_64-linux

DEPENDENCIES
  colorize (~> 1.1)
  rugged (~> 1.7)
  si (~> 0.2.0)
  terminal-table (~> 3.0)

BUNDLED WITH
   2.5.6
